PATH
  remote: .
  specs:
    rbczmq (0.1)
      rake-compiler (~> 0.7.9)

GEM
  remote: http://rubygems.org/
  specs:
    rake (0.9.2.2)
    rake-compiler (0.7.9)
      rake

PLATFORMS
  ruby

DEPENDENCIES
  rake
  rbczmq!
